GEM
  remote: https://rubygems.org/
  specs:
    json (1.8.1)
    rubytree (0.9.4)
      json (~> 1.8)
      structured_warnings (~> 0.1)
    state_machine (1.2.0)
    structured_warnings (0.1.4)

PLATFORMS
  ruby

DEPENDENCIES
  rubytree
  state_machine
